GEM
  remote: https://rubygems.org/
  specs:
    auger (1.4.4)
      host_range (>= 0.0.1)
      json (>= 1.7.3)
      net-dns (>= 0.7.1)
      rainbow (>= 1.1.4)
      redis (>= 3.0.1)
    backports (2.6.5)
    capistrano (2.13.5)
      highline
      net-scp (>= 1.0.0)
      net-sftp (>= 2.0.0)
      net-ssh (>= 2.0.14)
      net-ssh-gateway (>= 1.1.0)
    coderay (1.1.0)
    eventmachine (1.0.0)
    haml (3.1.6)
    highline (1.6.15)
    host_range (0.0.1)
    json (1.8.1)
    method_source (0.8.2)
    net-dns (0.8.0)
    net-scp (1.0.4)
      net-ssh (>= 1.99.1)
    net-sftp (2.0.5)
      net-ssh (>= 2.0.9)
    net-ssh (2.6.2)
    net-ssh-gateway (1.1.0)
      net-ssh (>= 1.99.1)
    pry (0.10.0)
      coderay (~> 1.1.0)
      method_source (~> 0.8.1)
      slop (~> 3.4)
    rack (1.4.3)
    rack-protection (1.3.2)
      rack
    rack-test (0.6.2)
      rack (>= 1.0)
    railsless-deploy (1.0.2)
    rainbow (2.0.0)
    redis (3.1.0)
    rvm-capistrano (1.2.7)
      capistrano (>= 2.0.0)
    shotgun (0.9)
      rack (>= 1.0)
    sinatra (1.3.3)
      rack (~> 1.3, >= 1.3.6)
      rack-protection (~> 1.2)
      tilt (~> 1.3, >= 1.3.3)
    sinatra-contrib (1.3.2)
      backports (>= 2.0)
      eventmachine
      rack-protection
      rack-test
      sinatra (~> 1.3.0)
      tilt (~> 1.3)
    slop (3.5.0)
    tilt (1.3.3)

PLATFORMS
  ruby

DEPENDENCIES
  auger
  haml
  json
  pry
  railsless-deploy
  rvm-capistrano
  shotgun
  sinatra
  sinatra-contrib
